GEM
  remote: https://rubygems.org/
  specs:
    colorize (0.8.1)
    domain_name (0.5.20160310)
      unf (>= 0.0.5, < 1.0.0)
    equatable (0.6.1)
    http-cookie (1.0.2)
      domain_name (~> 0.5)
    mime-types (2.99.1)
    necromancer (0.5.1)
    netrc (0.11.0)
    pastel (0.7.4)
      equatable (~> 0.6)
      tty-color (~> 0.5)
    require_all (2.0.0)
    rest-client (1.8.0)
      http-cookie (>= 1.0.2, < 2.0)
      mime-types (>= 1.16, < 3.0)
      netrc (~> 0.7)
    tty-color (0.5.1)
    tty-cursor (0.7.1)
    tty-prompt (0.21.0)
      necromancer (~> 0.5.0)
      pastel (~> 0.7.0)
      tty-reader (~> 0.7.0)
    tty-reader (0.7.0)
      tty-cursor (~> 0.7)
      tty-screen (~> 0.7)
      wisper (~> 2.0.0)
    tty-screen (0.7.1)
    unf (0.1.4)
      unf_ext
    unf_ext (0.0.7.2)
    wisper (2.0.1)

PLATFORMS
  ruby

DEPENDENCIES
  colorize
  require_all
  rest-client
  tty-prompt

BUNDLED WITH
   2.1.4
